GEM
  remote: https://rubygems.org/
  specs:
    newrelic_rpm (3.10.0.279)
    puma (2.11.1)
      rack (>= 1.1, < 2.0)
    rack (1.6.0)
    rack-protection (1.5.3)
      rack
    shotgun (0.9.2)
      rack (>= 1.0)
    sinatra (1.4.5)
      rack (~> 1.4)
      rack-protection (~> 1.4)
      tilt (~> 1.3, >= 1.3.4)
    tilt (1.4.1)

PLATFORMS
  ruby

DEPENDENCIES
  newrelic_rpm
  puma
  shotgun
  sinatra

BUNDLED WITH
   1.12.5
